GEM
  remote: https://rubygems.org/
  specs:
    bouncy-castle-java (1.5.0147)
    excon (0.38.0)
    json (1.5.0-java)
    json-jruby (1.5.0-java)
      json (= 1.5.0)
    rack (1.5.2)
    rack-protection (1.5.3)
      rack
    sinatra (1.4.5)
      rack (~> 1.4)
      rack-protection (~> 1.4)
      tilt (~> 1.3, >= 1.3.4)
    tilt (1.4.1)

PLATFORMS
  java

DEPENDENCIES
  bouncy-castle-java
  excon
  json-jruby
  sinatra
